GEM
  remote: http://rubygems.org/
  specs:
    ansi (1.5.0)
    ast (2.4.2)
    builder (3.2.4)
    docile (1.4.0)
    minitest (5.14.4)
    minitest-reporters (1.4.3)
      ansi
      builder
      minitest (>= 5.0)
      ruby-progressbar
    nokogiri (1.11.7-x64-mingw32)
      racc (~> 1.4)
    nokogiri (1.11.7-x86_64-linux)
      racc (~> 1.4)
    oga (3.3)
      ast
      ruby-ll (~> 2.1)
    parallel (1.20.1)
    racc (1.5.2)
    rake (13.0.3)
    ruby-ll (2.1.2)
      ansi
      ast
    ruby-progressbar (1.11.0)
    simplecov (0.21.2)
      docile (~> 1.1)
      simplecov-html (~> 0.11)
      simplecov_json_formatter (~> 0.1)
    simplecov-html (0.12.3)
    simplecov_json_formatter (0.1.3)

PLATFORMS
  ruby
  x64-mingw32

DEPENDENCIES
  minitest (~> 5.9)
  minitest-reporters
  nokogiri (~> 1.10)
  oga
  parallel
  rake
  simplecov
  simplecov-html

BUNDLED WITH
   2.2.16
